GIT
  remote: git://github.com/chrome/markable.git
  revision: 6fece7b200e339b87e2abf3cad190ab10966e04b
  specs:
    markable (0.1.4)
      rails (>= 3.1)

GEM
  remote: https://rubygems.org/
  specs:
    actionmailer (4.1.8)
      actionpack (= 4.1.8)
      actionview (= 4.1.8)
      mail (~> 2.5, >= 2.5.4)
    actionpack (4.1.8)
      actionview (= 4.1.8)
      activesupport (= 4.1.8)
      rack (~> 1.5.2)
      rack-test (~> 0.6.2)
    actionview (4.1.8)
      activesupport (= 4.1.8)
      builder (~> 3.1)
      erubis (~> 2.7.0)
    activemodel (4.1.8)
      activesupport (= 4.1.8)
      builder (~> 3.1)
    activerecord (4.1.8)
      activemodel (= 4.1.8)
      activesupport (= 4.1.8)
      arel (~> 5.0.0)
    activesupport (4.1.8)
      i18n (~> 0.6, >= 0.6.9)
      json (~> 1.7, >= 1.7.7)
      minitest (~> 5.1)
      thread_safe (~> 0.1)
      tzinfo (~> 1.1)
    animate-scss (0.0.5)
      sass
    api_smith (1.3.0)
      hashie (>= 1.0, < 3.0)
      httparty
    arel (5.0.1.20140414130214)
    auto_html (1.6.4)
      redcarpet (~> 3.1)
      rinku (~> 1.5.0)
    autoprefixer-rails (5.1.3)
      execjs
      json
    bcrypt (3.1.10)
    better_errors (1.1.0)
      coderay (>= 1.0.0)
      erubis (>= 2.6.6)
    binding_of_caller (0.7.2)
      debug_inspector (>= 0.0.1)
    bitters (1.0.0)
      bourbon (>= 3.2)
      sass (>= 3.2)
      thor
    bourbon (3.2.4)
      sass (~> 3.2)
      thor
    builder (3.2.2)
    capybara (2.4.4)
      mime-types (>= 1.16)
      nokogiri (>= 1.3.3)
      rack (>= 1.0.0)
      rack-test (>= 0.5.4)
      xpath (~> 2.0)
    climate_control (0.0.3)
      activesupport (>= 3.0)
    clockwork (1.1.0)
      activesupport
      tzinfo
    cocaine (0.5.5)
      climate_control (>= 0.0.3, < 1.0)
    coderay (1.1.0)
    coffee-rails (4.0.1)
      coffee-script (>= 2.2.0)
      railties (>= 4.0.0, < 5.0)
    coffee-script (2.3.0)
      coffee-script-source
      execjs
    coffee-script-source (1.9.0)
    database_cleaner (1.4.0)
    debug_inspector (0.0.2)
    delayed_job (4.0.6)
      activesupport (>= 3.0, < 5.0)
    delayed_job_active_record (4.0.3)
      activerecord (>= 3.0, < 5.0)
      delayed_job (>= 3.0, < 4.1)
    devise (3.4.1)
      bcrypt (~> 3.0)
      orm_adapter (~> 0.1)
      railties (>= 3.2.6, < 5)
      responders
      thread_safe (~> 0.1)
      warden (~> 1.2.3)
    diff-lcs (1.2.5)
    dotenv (1.0.2)
    erubis (2.7.0)
    execjs (2.3.0)
    factory_girl (4.5.0)
      activesupport (>= 3.0.0)
    factory_girl_rails (4.5.0)
      factory_girl (~> 4.5.0)
      railties (>= 3.0.0)
    faker (1.4.3)
      i18n (~> 0.5)
    font-awesome-rails (4.3.0.0)
      railties (>= 3.2, < 5.0)
    foreman (0.77.0)
      dotenv (~> 1.0.2)
      thor (~> 0.19.1)
    haml (4.0.6)
      tilt
    hashie (2.1.2)
    hike (1.2.3)
    httparty (0.13.3)
      json (~> 1.8)
      multi_xml (>= 0.5.2)
    i18n (0.7.0)
    jbuilder (2.2.6)
      activesupport (>= 3.0.0, < 5)
      multi_json (~> 1.2)
    jquery-rails (3.1.2)
      railties (>= 3.0, < 5.0)
      thor (>= 0.14, < 2.0)
    jquery-ui-rails (5.0.3)
      railties (>= 3.2.16)
    json (1.8.2)
    kaminari (0.16.2)
      actionpack (>= 3.0.0)
      activesupport (>= 3.0.0)
    libv8 (3.16.14.7)
    mail (2.6.3)
      mime-types (>= 1.16, < 3)
    mime-types (2.4.3)
    mini_portile (0.6.2)
    minitest (5.5.1)
    moneta (0.8.0)
    multi_json (1.10.1)
    multi_xml (0.5.5)
    mysql2 (0.3.17)
    neat (1.5.1)
      bourbon (>= 3.1)
      sass (~> 3.2.19)
    nested_form (0.3.2)
    nokogiri (1.6.6.2)
      mini_portile (~> 0.6.0)
    normalize-rails (3.0.1)
    orm_adapter (0.5.0)
    paperclip (4.2.1)
      activemodel (>= 3.0.0)
      activesupport (>= 3.0.0)
      cocaine (~> 0.5.3)
      mime-types
    puma (2.11.0)
      rack (>= 1.1, < 2.0)
    quiet_assets (1.1.0)
      railties (>= 3.1, < 5.0)
    rack (1.5.2)
    rack-pjax (0.8.0)
      nokogiri (~> 1.5)
      rack (~> 1.1)
    rack-test (0.6.3)
      rack (>= 1.0)
    rails (4.1.8)
      actionmailer (= 4.1.8)
      actionpack (= 4.1.8)
      actionview (= 4.1.8)
      activemodel (= 4.1.8)
      activerecord (= 4.1.8)
      activesupport (= 4.1.8)
      bundler (>= 1.3.0, < 2.0)
      railties (= 4.1.8)
      sprockets-rails (~> 2.0)
    rails_admin (0.6.6)
      builder (~> 3.1)
      coffee-rails (~> 4.0)
      font-awesome-rails (>= 3.0, < 5)
      haml (~> 4.0)
      jquery-rails (>= 3.0, < 5)
      jquery-ui-rails (~> 5.0)
      kaminari (~> 0.14)
      nested_form (~> 0.3)
      rack-pjax (~> 0.7)
      rails (~> 4.0)
      remotipart (~> 1.0)
      safe_yaml (~> 1.0)
      sass-rails (>= 4.0, < 6)
    railties (4.1.8)
      actionpack (= 4.1.8)
      activesupport (= 4.1.8)
      rake (>= 0.8.7)
      thor (>= 0.18.1, < 2.0)
    rake (10.4.2)
    rdoc (4.2.0)
      json (~> 1.4)
    redcarpet (3.2.2)
    ref (1.0.5)
    remotipart (1.2.1)
    responders (1.1.2)
      railties (>= 3.2, < 4.2)
    rinku (1.5.1)
    rocket_pants (1.10.0)
      actionpack (>= 3.0, < 5.0)
      api_smith
      hashie (>= 1.0, < 3)
      moneta
      railties (>= 3.0, < 5.0)
      will_paginate (~> 3.0)
    rspec-core (3.2.0)
      rspec-support (~> 3.2.0)
    rspec-expectations (3.2.0)
      diff-lcs (>= 1.2.0, < 2.0)
      rspec-support (~> 3.2.0)
    rspec-mocks (3.2.0)
      diff-lcs (>= 1.2.0, < 2.0)
      rspec-support (~> 3.2.0)
    rspec-rails (3.2.0)
      actionpack (>= 3.0, <= 4.2)
      activesupport (>= 3.0, <= 4.2)
      railties (>= 3.0, <= 4.2)
      rspec-core (~> 3.2.0)
      rspec-expectations (~> 3.2.0)
      rspec-mocks (~> 3.2.0)
      rspec-support (~> 3.2.0)
    rspec-support (3.2.0)
    safe_yaml (1.0.4)
    sass (3.2.19)
    sass-rails (4.0.5)
      railties (>= 4.0.0, < 5.0)
      sass (~> 3.2.2)
      sprockets (~> 2.8, < 3.0)
      sprockets-rails (~> 2.0)
    sdoc (0.4.1)
      json (~> 1.7, >= 1.7.7)
      rdoc (~> 4.0)
    shoulda (3.5.0)
      shoulda-context (~> 1.0, >= 1.0.1)
      shoulda-matchers (>= 1.4.1, < 3.0)
    shoulda-context (1.2.1)
    shoulda-matchers (2.8.0)
      activesupport (>= 3.0.0)
    sprockets (2.12.3)
      hike (~> 1.2)
      multi_json (~> 1.0)
      rack (~> 1.0)
      tilt (~> 1.1, != 1.3.0)
    sprockets-rails (2.2.4)
      actionpack (>= 3.0)
      activesupport (>= 3.0)
      sprockets (>= 2.8, < 4.0)
    sqlite3 (1.3.10)
    therubyracer (0.12.1)
      libv8 (~> 3.16.14.0)
      ref
    thor (0.19.1)
    thread_safe (0.3.4)
    tilt (1.4.1)
    typohero (0.0.4)
    tzinfo (1.2.2)
      thread_safe (~> 0.1)
    uglifier (2.7.0)
      execjs (>= 0.3.0)
      json (>= 1.8.0)
    warden (1.2.3)
      rack (>= 1.0)
    will_paginate (3.0.7)
    xpath (2.0.0)
      nokogiri (~> 1.3)

PLATFORMS
  ruby

DEPENDENCIES
  animate-scss
  auto_html
  autoprefixer-rails
  better_errors (<= 1.1)
  binding_of_caller
  bitters
  bourbon
  capybara
  clockwork
  coffee-rails (~> 4.0.0)
  database_cleaner
  delayed_job_active_record
  devise
  dotenv
  factory_girl_rails
  faker
  font-awesome-rails
  foreman
  jbuilder (~> 2.0)
  jquery-rails
  markable!
  mysql2
  neat
  normalize-rails
  paperclip (~> 4.2)
  puma
  quiet_assets
  rails (= 4.1.8)
  rails_admin
  redcarpet
  rocket_pants
  rspec-rails
  sass-rails
  sdoc (~> 0.4.0)
  shoulda
  sqlite3
  therubyracer
  typohero
  uglifier (>= 1.3.0)
